PATH
  remote: .
  specs:
    wz_ddd (0.1.3)

GEM
  remote: https://rubygems.org/
  specs:
    rake (10.5.0)

PLATFORMS
  ruby

DEPENDENCIES
  bundler (~> 1.16)
  rake (~> 10.0)
  wz_ddd!

BUNDLED WITH
   1.16.0
